PATH
  remote: .
  specs:
    faraday-stack (0.0.1)
      faraday (~> 0.6)

GEM
  remote: http://rubygems.org/
  specs:
    activesupport (2.3.11)
    addressable (2.2.4)
    faraday (0.6.0)
      addressable (~> 2.2.4)
      multipart-post (~> 1.1.0)
      rack (>= 1.1.0, < 2)
    multipart-post (1.1.0)
    nokogiri (1.4.4)
    rack (1.2.2)
    rack-cache (1.0)
      rack (>= 0.4)
    yajl-ruby (0.8.2)

PLATFORMS
  ruby

DEPENDENCIES
  activesupport (~> 2.3.8)
  faraday-stack!
  nokogiri
  rack-cache
  yajl-ruby
